GIT
  remote: https://github.com/ruby-llvm/ruby-llvm.git
  revision: 6df0254c5d7bd025f4fc63fdce862bf0cf609573
  specs:
    ruby-llvm (10.0.0)
      ffi (~> 1.13.1)
      rake (>= 12, < 14)

PATH
  remote: .
  specs:
    cbfc (0.1.0)
      parslet

GEM
  remote: https://rubygems.org/
  specs:
    diff-lcs (1.3)
    ffi (1.13.1)
    parslet (2.0.0)
    rake (12.3.2)
    rspec (3.6.0)
      rspec-core (~> 3.6.0)
      rspec-expectations (~> 3.6.0)
      rspec-mocks (~> 3.6.0)
    rspec-core (3.6.0)
      rspec-support (~> 3.6.0)
    rspec-expectations (3.6.0)
      diff-lcs (>= 1.2.0, < 2.0)
      rspec-support (~> 3.6.0)
    rspec-mocks (3.6.0)
      diff-lcs (>= 1.2.0, < 2.0)
      rspec-support (~> 3.6.0)
    rspec-support (3.6.0)

PLATFORMS
  ruby

DEPENDENCIES
  cbfc!
  rake (~> 12.0)
  rspec (~> 3.0)
  ruby-llvm!

BUNDLED WITH
   2.1.4
